GEM
  remote: https://rubygems.org/
  specs:
    arable (0.2.0)
    byebug (11.1.3)
    connection_pool (2.3.0)
    dotenv (2.8.1)
    lefthook (1.1.3)
    mustermann (3.0.0)
      ruby2_keywords (~> 0.0.1)
    rack (2.2.4)
    rack-protection (3.0.2)
      rack
    redis (4.8.0)
    ruby2_keywords (0.0.5)
    sidekiq (6.5.7)
      connection_pool (>= 2.2.5)
      rack (~> 2.0)
      redis (>= 4.5.0, < 5)
    sinatra (3.0.2)
      mustermann (~> 3.0)
      rack (~> 2.2, >= 2.2.4)
      rack-protection (= 3.0.2)
      tilt (~> 2.0)
    tilt (2.0.11)
    webrick (1.7.0)

PLATFORMS
  x86_64-linux

DEPENDENCIES
  arable
  byebug
  dotenv
  lefthook
  rack
  sidekiq
  sinatra
  webrick (~> 1.7)

BUNDLED WITH
   2.3.24
